GEM
  remote: http://rubygems.org/
  specs:
    mustache (0.99.4)
    rack (1.4.1)

PLATFORMS
  ruby

DEPENDENCIES
  mustache
  rack
